GEM
  remote: http://rubygems.org/
  specs:
    albino (1.3.3)
      posix-spawn (>= 0.3.6)
    aws-s3 (0.6.3)
      builder
      mime-types
      xml-simple
    builder (3.1.4)
    classifier (1.3.3)
      fast-stemmer (>= 1.0.0)
    colored (1.2)
    directory_watcher (1.4.1)
    fast-stemmer (1.0.1)
    jekyll (0.11.2)
      albino (~> 1.3)
      classifier (~> 1.3)
      directory_watcher (~> 1.1)
      kramdown (~> 0.13)
      liquid (~> 2.3)
      maruku (~> 0.5)
    jekyll-minimagick (0.0.3)
      jekyll (>= 0.10.0)
      mini_magick (>= 3.3)
    jekyll-s3 (0.0.5)
      aws-s3
      simple-cloudfront-invalidator
    kramdown (0.14.1)
    liquid (2.4.1)
    maruku (0.6.1)
      syntax (>= 1.0.0)
    mime-types (1.19)
    mini_magick (3.4)
      subexec (~> 0.2.1)
    posix-spawn (0.3.6)
    rdiscount (1.6.8)
    simple-cloudfront-invalidator (1.0.0)
      colored (= 1.2)
    subexec (0.2.2)
    syntax (1.0.0)
    xml-simple (1.1.2)

PLATFORMS
  ruby

DEPENDENCIES
  jekyll
  jekyll-minimagick
  jekyll-s3 (= 0.0.5)
  rdiscount
