GEM
  remote: https://rubygems.org/
  specs:
    aws-sdk (1.8.5)
      json (~> 1.4)
      nokogiri (>= 1.4.4)
      uuidtools (~> 2.1)
    classifier (1.3.3)
      fast-stemmer (>= 1.0.0)
    colored (1.2)
    configure-s3-website (1.5.1)
      deep_merge (= 1.0.0)
    deep_merge (1.0.0)
    directory_watcher (1.4.1)
    erubis (2.7.0)
    fast-stemmer (1.0.1)
    filey-diff (1.4.2)
    jekyll (0.12.0)
      classifier (~> 1.3)
      directory_watcher (~> 1.1)
      kramdown (~> 0.13.4)
      liquid (~> 2.3)
      maruku (~> 0.5)
      pygments.rb (~> 0.3.2)
    jekyll-minimagick (0.0.3)
      jekyll (>= 0.10.0)
      mini_magick (>= 3.3)
    json (1.8.1)
    kramdown (0.13.8)
    liquid (2.5.4)
    liquid-eval (0.0.2)
      liquid
    maruku (0.6.1)
      syntax (>= 1.0.0)
    mime-types (1.19)
    mini_magick (3.4)
      subexec (~> 0.2.1)
    mini_portile (0.5.2)
    nokogiri (1.6.0)
      mini_portile (~> 0.5.0)
    posix-spawn (0.3.6)
    pygments.rb (0.3.7)
      posix-spawn (~> 0.3.6)
      yajl-ruby (~> 1.1.0)
    rdiscount (1.6.8)
    s3_website (1.6.1)
      aws-sdk (~> 1.8.5)
      configure-s3-website (= 1.5.1)
      erubis (~> 2.7.0)
      filey-diff (~> 1.4.2)
      mime-types (= 1.19)
      simple-cloudfront-invalidator (~> 1)
      thor (= 0.18.1)
    simple-cloudfront-invalidator (1.0.1)
      colored (= 1.2)
    subexec (0.2.2)
    syntax (1.0.0)
    thor (0.18.1)
    ubyray (0.0.3)
    uuidtools (2.1.4)
    yajl-ruby (1.1.0)

PLATFORMS
  ruby

DEPENDENCIES
  jekyll
  jekyll-minimagick
  kramdown
  liquid-eval
  rdiscount
  s3_website
  ubyray
