GEM
  remote: http://rubygems.org/
  specs:
    aws-sdk (1.5.8)
      httparty (~> 0.7)
      json (~> 1.4)
      nokogiri (>= 1.4.4)
      uuidtools (~> 2.1)
    classifier (1.3.3)
      fast-stemmer (>= 1.0.0)
    colored (1.2)
    directory_watcher (1.4.1)
    erubis (2.7.0)
    fast-stemmer (1.0.1)
    filey-diff (0.0.2)
    httparty (0.10.2)
      multi_json (~> 1.0)
      multi_xml (>= 0.5.2)
    jekyll (0.12.0)
      classifier (~> 1.3)
      directory_watcher (~> 1.1)
      kramdown (~> 0.13.4)
      liquid (~> 2.3)
      maruku (~> 0.5)
      pygments.rb (~> 0.3.2)
    jekyll-minimagick (0.0.3)
      jekyll (>= 0.10.0)
      mini_magick (>= 3.3)
    jekyll-s3 (2.0.0)
      aws-sdk (~> 1.5.6)
      erubis (~> 2.7.0)
      filey-diff (~> 0.0.2)
      mime-types (= 1.19)
      simple-cloudfront-invalidator (~> 1.0.0)
    json (1.7.6)
    kramdown (0.13.8)
    liquid (2.4.1)
    liquid-eval (0.0.1)
      liquid
    maruku (0.6.1)
      syntax (>= 1.0.0)
    mime-types (1.19)
    mini_magick (3.4)
      subexec (~> 0.2.1)
    multi_json (1.5.0)
    multi_xml (0.5.2)
    nokogiri (1.5.6)
    posix-spawn (0.3.6)
    pygments.rb (0.3.7)
      posix-spawn (~> 0.3.6)
      yajl-ruby (~> 1.1.0)
    rdiscount (1.6.8)
    simple-cloudfront-invalidator (1.0.0)
      colored (= 1.2)
    subexec (0.2.2)
    syntax (1.0.0)
    uuidtools (2.1.3)
    yajl-ruby (1.1.0)

PLATFORMS
  ruby

DEPENDENCIES
  jekyll
  jekyll-minimagick
  jekyll-s3 (= 2.0.0)
  kramdown
  liquid-eval (~> 0.0.1)
  rdiscount
